GEM
  remote: https://rubygems.org/
  remote: https://gems.internal.mx/
  specs:
    mx-checkers (0.4.3)
      os
      thor
    os (1.0.0)
    thor (0.20.0)

PLATFORMS
  ruby

DEPENDENCIES
  mx-checkers!

BUNDLED WITH
   1.16.2
